GEM
  remote: https://rubygems.org/
  specs:
    commander (4.3.0)
      highline (~> 1.6.11)
    highline (1.6.21)

PLATFORMS
  ruby

DEPENDENCIES
  commander
